GEM
  remote: https://rubygems.org/
  specs:
    http-2-next (0.2.0)
    httpx (0.6.2)
      http-2-next (>= 0.1.2)
      timers
    mini_portile2 (2.4.0)
    nokogiri (1.10.10)
      mini_portile2 (~> 2.4.0)
    timers (4.3.0)

PLATFORMS
  ruby

DEPENDENCIES
  httpx
  nokogiri

RUBY VERSION
   ruby 2.6.0p0

BUNDLED WITH
   1.17.3
