GEM
  remote: https://rubygems.org/
  specs:
    http-2 (0.10.1)
    httpx (0.5.1)
      http-2 (>= 0.9.0)
      timers
    timers (4.3.0)

PLATFORMS
  ruby

DEPENDENCIES
  httpx

BUNDLED WITH
   1.17.1
